PATH
  remote: .
  specs:
    fregoo (0.1.3)

GEM
  remote: https://rubygems.org/
  specs:
    rake (10.4.2)

PLATFORMS
  ruby

DEPENDENCIES
  bundler (~> 1.14)
  fregoo!
  rake (~> 10.0)

BUNDLED WITH
   1.14.4
